GEM
  remote: https://rubygems.org/
  specs:
    adsf (1.1.1)
      rack (>= 1.0.0)
    colored (1.2)
    cri (2.3.0)
      colored (>= 1.2)
    haml (4.0.2)
      tilt
    kramdown (1.0.1)
    mime-types (1.22)
    nanoc (3.6.2)
      cri (~> 2.3)
    nokogiri (1.5.9)
    pygmentize (0.0.3)
    rack (1.5.2)
    rake (10.0.4)
    rubyzip (0.9.9)
    systemu (2.5.2)
    tilt (1.3.6)
    yajl-ruby (1.1.0)

PLATFORMS
  ruby

DEPENDENCIES
  adsf
  haml
  kramdown
  mime-types
  nanoc
  nokogiri
  pygmentize
  rake
  rubyzip
  systemu
  yajl-ruby
